PATH
  remote: .
  specs:
    test-patient-generator (1.1.3)
      health-data-standards (~> 3.0.1)
      hqmf2js (~> 1.2.0)
      hquery-patient-api (~> 1.0.1)

GEM
  remote: http://rubygems.org/
  specs:
    activemodel (3.2.12)
      activesupport (= 3.2.12)
      builder (~> 3.0.0)
    activesupport (3.2.12)
      i18n (~> 0.6)
      multi_json (~> 1.0)
    ansi (1.4.3)
    binding_of_caller (0.6.8)
    builder (3.0.4)
    choice (0.1.6)
    coderay (1.0.8)
    coffee-script (2.2.0)
      coffee-script-source
      execjs
    coffee-script-source (1.5.0)
    erubis (2.7.0)
    execjs (1.4.0)
      multi_json (~> 1.0)
    faraday (0.8.6)
      multipart-post (~> 1.1)
    google-spreadsheet-ruby (0.1.8)
      nokogiri (>= 1.4.3.1)
      oauth (>= 0.3.6)
      oauth2 (>= 0.5.0)
    health-data-standards (3.0.1)
      activesupport (~> 3.2.9)
      builder (~> 3.0.0)
      erubis (~> 2.7.0)
      google-spreadsheet-ruby (= 0.1.8)
      log4r (~> 1.1.10)
      mongoid (~> 3.1.0)
      nokogiri (~> 1.5.5)
      rest-client (~> 1.6.7)
      roo (= 1.10.1)
      rubyzip
      spreadsheet (= 0.6.8)
      uuid (~> 2.3.5)
    hike (1.2.1)
    hqmf2js (1.2.0)
      coffee-script (~> 2.2.0)
      health-data-standards (~> 3.0.1)
      hquery-patient-api (~> 1.0.1)
      nokogiri (~> 1.5.5)
      sprockets (~> 2.2.2)
      tilt (~> 1.3.3)
    hquery-patient-api (1.0.1)
    httpauth (0.2.0)
    i18n (0.6.2)
    jwt (0.1.5)
      multi_json (>= 1.0)
    log4r (1.1.10)
    macaddr (1.6.1)
      systemu (~> 2.5.0)
    method_source (0.8.1)
    mime-types (1.21)
    mongoid (3.1.2)
      activemodel (~> 3.2)
      moped (~> 1.4.2)
      origin (~> 1.0)
      tzinfo (~> 0.3.22)
    moped (1.4.2)
    multi_json (1.6.1)
    multi_xml (0.5.3)
    multipart-post (1.2.0)
    nokogiri (1.5.6)
    oauth (0.4.7)
    oauth2 (0.9.1)
      faraday (~> 0.8)
      httpauth (~> 0.1)
      jwt (~> 0.1.4)
      multi_json (~> 1.0)
      multi_xml (~> 0.5)
      rack (~> 1.2)
    origin (1.0.11)
    pry (0.9.10)
      coderay (~> 1.0.5)
      method_source (~> 0.8)
      slop (~> 3.3.1)
    pry-nav (0.2.2)
      pry (~> 0.9.10)
    pry-stack_explorer (0.4.7)
      binding_of_caller (~> 0.6.8)
    rack (1.5.2)
    rake (10.0.3)
    rest-client (1.6.7)
      mime-types (>= 1.16)
    roo (1.10.1)
      choice (>= 0.1.4)
      google-spreadsheet-ruby (>= 0.1.5)
      nokogiri (>= 1.5.0)
      rubyzip (>= 0.9.4)
      spreadsheet (> 0.6.4)
      todonotes (>= 0.1.0)
    ruby-ole (1.2.11.6)
    rubyzip (0.9.9)
    simplecov (0.7.1)
      multi_json (~> 1.0)
      simplecov-html (~> 0.7.1)
    simplecov-html (0.7.1)
    slop (3.3.3)
    spreadsheet (0.6.8)
      ruby-ole (>= 1.0)
    sprockets (2.2.2)
      hike (~> 1.2)
      multi_json (~> 1.0)
      rack (~> 1.0)
      tilt (~> 1.1, != 1.3.0)
    systemu (2.5.2)
    tilt (1.3.3)
    todonotes (0.1.1)
      log4r
    turn (0.9.6)
      ansi
    tzinfo (0.3.35)
    uuid (2.3.7)
      macaddr (~> 1.0)

PLATFORMS
  ruby

DEPENDENCIES
  pry
  pry-nav
  pry-stack_explorer
  rake
  simplecov
  test-patient-generator!
  turn
